PATH
  remote: ../capistrano-solr
  specs:
    capistrano-solr (0.1.0)
      capistrano (>= 3.0)
      tilt (~> 2.0.2)

GEM
  remote: https://rubygems.org/
  specs:
    byebug (5.0.0)
      columnize (= 0.9.0)
    capistrano (3.4.0)
      i18n
      rake (>= 10.0.0)
      sshkit (~> 1.3)
    coderay (1.1.0)
    columnize (0.9.0)
    i18n (0.7.0)
    method_source (0.8.2)
    net-scp (1.2.1)
      net-ssh (>= 2.6.5)
    net-ssh (3.0.2)
    pry (0.10.3)
      coderay (~> 1.1.0)
      method_source (~> 0.8.1)
      slop (~> 3.4)
    pry-byebug (3.2.0)
      byebug (~> 5.0)
      pry (~> 0.10)
    rake (10.4.2)
    slop (3.6.0)
    sshkit (1.8.1)
      net-scp (>= 1.1.2)
      net-ssh (>= 2.8.0)
    tilt (2.0.2)

PLATFORMS
  ruby

DEPENDENCIES
  capistrano
  capistrano-solr!
  pry-byebug

BUNDLED WITH
   1.10.6
